GEM
  remote: https://rubygems.org/
  specs:
    gems (0.8.1)

PLATFORMS
  ruby

DEPENDENCIES
  gems
